GEM
  remote: https://rubygems.org/
  specs:
    action_cable_client (2.0.1)
      websocket-eventmachine-client (>= 1.2.0)
    bijection (1.0.0)
    coderay (1.1.2)
    colorize (0.8.1)
    eventmachine (1.2.5)
    google-protobuf (3.4.1.1)
    krpc (0.3.2)
      colorize (~> 0.8)
      google-protobuf (~> 3.3)
      nokogiri (~> 1.8)
    method_source (0.9.0)
    mini_portile2 (2.3.0)
    nokogiri (1.8.1)
      mini_portile2 (~> 2.3.0)
    pry (0.11.1)
      coderay (~> 1.1.0)
      method_source (~> 0.9.0)
    state_machines (0.5.0)
    websocket (1.2.4)
    websocket-eventmachine-base (1.2.0)
      eventmachine (~> 1.0)
      websocket (~> 1.0)
      websocket-native (~> 1.0)
    websocket-eventmachine-client (1.2.0)
      websocket-eventmachine-base (~> 1.0)
    websocket-native (1.0.0)

PLATFORMS
  ruby

DEPENDENCIES
  action_cable_client
  bijection
  krpc
  pry
  state_machines

BUNDLED WITH
   1.15.4
