GEM
  remote: https://rubygems.org/
  specs:
    bijection (1.0.0)
    coderay (1.1.2)
    colorize (0.8.1)
    google-protobuf (3.4.1.1)
    krpc (0.3.2)
      colorize (~> 0.8)
      google-protobuf (~> 3.3)
      nokogiri (~> 1.8)
    method_source (0.9.0)
    mini_portile2 (2.3.0)
    nokogiri (1.8.1)
      mini_portile2 (~> 2.3.0)
    pry (0.11.1)
      coderay (~> 1.1.0)
      method_source (~> 0.9.0)
    state_machines (0.5.0)

PLATFORMS
  ruby

DEPENDENCIES
  bijection
  krpc
  pry
  state_machines

BUNDLED WITH
   1.15.4
